GIT
  remote: https://github.com/citrus/minitest_should.git
  revision: 6a91771ac4edad877f72317f1166ce90ba37bd40
  specs:
    minitest_should (0.3.2)

PATH
  remote: .
  specs:
    wonkavision (3.0.0)
      activerecord (>= 6.0.0)
      activesupport (>= 6.0.0)
      chronic_duration (>= 0.10.2)
      i18n

GEM
  remote: http://rubygems.org/
  specs:
    activemodel (6.1.3.1)
      activesupport (= 6.1.3.1)
    activerecord (6.1.3.1)
      activemodel (= 6.1.3.1)
      activesupport (= 6.1.3.1)
    activesupport (6.1.3.1)
      concurrent-ruby (~> 1.0, >= 1.0.2)
      i18n (>= 1.6, < 2)
      minitest (>= 5.1)
      tzinfo (~> 2.0)
      zeitwerk (~> 2.3)
    chronic_duration (0.10.6)
      numerizer (~> 0.1.1)
    concurrent-ruby (1.1.8)
    i18n (1.8.10)
      concurrent-ruby (~> 1.0)
    minitest (5.14.4)
    mocha (1.12.0)
    numerizer (0.1.1)
    rake (13.0.3)
    shoulda-context (2.0.0)
    sqlite3 (1.4.2)
    tzinfo (2.0.4)
      concurrent-ruby (~> 1.0)
    zeitwerk (2.4.2)

PLATFORMS
  ruby

DEPENDENCIES
  minitest_should!
  mocha
  rake
  shoulda-context
  sqlite3
  wonkavision!

BUNDLED WITH
   1.17.2
