GIT
  remote: https://github.com/citrus/minitest_should.git
  revision: 6a91771ac4edad877f72317f1166ce90ba37bd40
  specs:
    minitest_should (0.3.2)

PATH
  remote: .
  specs:
    wonkavision (2.0.0)
      activerecord (>= 5.2.2)
      activesupport (>= 5.2.2)
      arel (>= 9.0)
      chronic_duration (>= 0.10.2)
      i18n

GEM
  remote: http://rubygems.org/
  specs:
    activemodel (5.1.4)
      activesupport (= 5.1.4)
    activerecord (5.1.4)
      activemodel (= 5.1.4)
      activesupport (= 5.1.4)
      arel (~> 8.0)
    activesupport (5.1.4)
      concurrent-ruby (~> 1.0, >= 1.0.2)
      i18n (~> 0.7)
      minitest (~> 5.1)
      tzinfo (~> 1.1)
    arel (8.0.0)
    chronic_duration (0.10.6)
      numerizer (~> 0.1.1)
    concurrent-ruby (1.0.5)
    i18n (0.9.1)
      concurrent-ruby (~> 1.0)
    metaclass (0.0.4)
    minitest (5.10.3)
    mocha (1.1.0)
      metaclass (~> 0.0.1)
    numerizer (0.1.1)
    rake (10.3.2)
    shoulda-context (1.2.1)
    sqlite3 (1.3.13)
    thread_safe (0.3.6)
    tzinfo (1.2.4)
      thread_safe (~> 0.1)

PLATFORMS
  ruby

DEPENDENCIES
  minitest_should!
  mocha
  rake
  shoulda-context
  sqlite3
  wonkavision!

BUNDLED WITH
   1.16.0
