GIT
  remote: https://github.com/citrus/minitest_should.git
  revision: 6a91771ac4edad877f72317f1166ce90ba37bd40
  specs:
    minitest_should (0.3.2)

PATH
  remote: 'https://github.com/toddtrask/wonkavision.git'
  revision: e6cdb2e4c5a3612ba91dd32e47d3f7c00a3f2b6a
  specs:
    wonkavision (3.0.0)
      activerecord (~> 5.2.2)
      activesupport (~> 5.2.2)
      arel (~> 9.0)
      chronic_duration (~> 0.10.2)
      i18n

GEM
  remote: http://rubygems.org/
  specs:
    activemodel (5.2.2)
      activesupport (~> 5.0.0)
    activerecord (5.2.2)
      activemodel (~> 5.0.0)
      activesupport (~> 5.0.0)
      arel (~> 9.0)
    activesupport (5.0.7.1)
      concurrent-ruby (~> 1.0, >= 1.0.2)
      i18n (>= 0.7, < 2)
      minitest (~> 5.1)
      tzinfo (~> 1.1)
    arel (9.0)
    chronic_duration (0.10.6)
      numerizer (~> 0.1.1)
    concurrent-ruby (1.1.3)
    i18n (1.1.1)
      concurrent-ruby (~> 1.0)
    metaclass (0.0.4)
    minitest (5.11.3)
    mocha (1.7.0)
      metaclass (~> 0.0.1)
    numerizer (0.1.1)
    rake (12.3.2)
    shoulda-context (1.2.2)
    sqlite3 (1.3.13)
    thread_safe (0.3.6)
    tzinfo (1.2.5)
      thread_safe (~> 0.1)

PLATFORMS
  ruby

DEPENDENCIES
  activerecord
  arel
  minitest_should!
  mocha
  rake
  shoulda-context
  sqlite3
  wonkavision!

RUBY VERSION
   ruby 2.4.2p198

BUNDLED WITH
   1.16.0
